GEM
  remote: http://rubygems.org/
  specs:
    addressable (2.2.6)
    backports (2.3.0)
    em-websocket (0.3.5)
      addressable (>= 2.1.1)
      eventmachine (>= 0.12.9)
    eventmachine (0.12.10)
    haml (3.1.4)
    hike (1.2.1)
    kgio (2.7.0)
    rack (1.3.5)
    rack-protection (1.1.4)
      rack
    rack-test (0.6.1)
      rack (>= 1.0)
    raindrops (0.8.0)
    shotgun (0.9)
      rack (>= 1.0)
    sinatra (1.3.1)
      rack (~> 1.3, >= 1.3.4)
      rack-protection (~> 1.1, >= 1.1.2)
      tilt (~> 1.3, >= 1.3.3)
    sinatra-contrib (1.3.1)
      backports (>= 2.0)
      eventmachine
      rack-protection
      rack-test
      sinatra (~> 1.3.0)
      tilt (~> 1.3)
    sprockets (2.1.2)
      hike (~> 1.2)
      rack (~> 1.0)
      tilt (~> 1.1, != 1.3.0)
    tilt (1.3.3)
    unicorn (4.1.1)
      kgio (~> 2.4)
      rack
      raindrops (~> 0.6)

PLATFORMS
  ruby

DEPENDENCIES
  em-websocket
  eventmachine
  haml
  shotgun
  sinatra
  sinatra-contrib
  sprockets
  unicorn
